GEM
  remote: https://rubygems.org/
  specs:
    activesupport (5.2.4.2)
      concurrent-ruby (~> 1.0, >= 1.0.2)
      i18n (>= 0.7, < 2)
      minitest (~> 5.1)
      tzinfo (~> 1.1)
    aws-sdk (2.1.2)
      aws-sdk-resources (= 2.1.2)
    aws-sdk-core (2.1.2)
      jmespath (~> 1.0)
    aws-sdk-resources (2.1.2)
      aws-sdk-core (= 2.1.2)
    commander (4.3.4)
      highline (~> 1.7.2)
    concurrent-ruby (1.1.6)
    configs (1.4.0)
      activesupport (> 3.0)
    excon (0.45.4)
    highline (1.7.2)
    i18n (1.8.2)
      concurrent-ruby (~> 1.0)
    jmespath (1.0.2)
      multi_json (~> 1.0)
    minitest (5.14.0)
    multi_json (1.11.1)
    rainbow (2.0.0)
    thread_safe (0.3.6)
    tzinfo (1.2.6)
      thread_safe (~> 0.1)

PLATFORMS
  ruby

DEPENDENCIES
  activesupport (>= 4.2.8)
  aws-sdk
  commander
  configs (>= 1.3.0)
  excon
  rainbow

BUNDLED WITH
   1.17.3
